GEM
  remote: https://rubygems.org/
  specs:
    airbrussh (1.3.0)
      sshkit (>= 1.6.1, != 1.7.0)
    bson (1.9.2)
    bson_ext (1.9.2)
      bson (~> 1.9.2)
    capistrano (3.10.1)
      airbrussh (>= 1.0.0)
      i18n
      rake (>= 10.0.0)
      sshkit (>= 1.9.0)
    capistrano-bundler (1.3.0)
      capistrano (~> 3.1)
      sshkit (~> 1.2)
    coderay (1.1.1)
    coffee-script (2.4.1)
      coffee-script-source
      execjs
    coffee-script-source (1.12.2)
    concurrent-ruby (1.0.5)
    diff-lcs (1.3)
    execjs (2.7.0)
    haml (5.0.1)
      temple (>= 0.8.0)
      tilt
    highline (1.6.20)
    i18n (1.0.0)
      concurrent-ruby (~> 1.0)
    ki (0.4.8)
      bson_ext
      bundler (~> 1.5)
      coffee-script
      haml
      mongo (= 1.9.2)
      rack
      rack-cors
      rack-parser
      sass
      thor
    method_source (0.8.2)
    mini_portile2 (2.3.0)
    mongo (1.9.2)
      bson (~> 1.9.2)
    net-scp (1.2.1)
      net-ssh (>= 2.6.5)
    net-ssh (4.2.0)
    nokogiri (1.8.1)
      mini_portile2 (~> 2.3.0)
    pry (0.10.3)
      coderay (~> 1.1.0)
      method_source (~> 0.8.1)
      slop (~> 3.4)
    rack (1.6.8)
    rack-cors (0.4.1)
    rack-parser (0.7.0)
      rack
    rake (12.3.0)
    redcarpet (3.1.1)
    rspec (3.7.0)
      rspec-core (~> 3.7.0)
      rspec-expectations (~> 3.7.0)
      rspec-mocks (~> 3.7.0)
    rspec-core (3.7.1)
      rspec-support (~> 3.7.0)
    rspec-expectations (3.7.0)
      diff-lcs (>= 1.2.0, < 2.0)
      rspec-support (~> 3.7.0)
    rspec-mocks (3.7.0)
      diff-lcs (>= 1.2.0, < 2.0)
      rspec-support (~> 3.7.0)
    rspec-support (3.7.1)
    rvm-capistrano (1.5.0)
      capistrano (>= 2.15.4)
    sass (3.4.24)
    slop (3.6.0)
    sshkit (1.16.0)
      net-scp (>= 1.1.2)
      net-ssh (>= 2.8.0)
    temple (0.8.0)
    thor (0.19.4)
    tilt (2.0.7)

PLATFORMS
  ruby

DEPENDENCIES
  capistrano (= 3.10.1)
  capistrano-bundler
  highline
  ki (= 0.4.8)
  nokogiri (= 1.8.1)
  pry
  rack (= 1.6.8)
  redcarpet
  rspec
  rvm-capistrano

BUNDLED WITH
   1.16.1
